NUGET
  remote: https://api.nuget.org/v3/index.json
    Fable.AST (4.6) - restriction: >= net8.0
    Fable.Browser.Blob (1.4) - restriction: >= netstandard2.0
      Fable.Core (>= 3.2.8) - restriction: >= netstandard2.0
      FSharp.Core (>= 4.7.2) - restriction: >= netstandard2.0
    Fable.Browser.Dom (2.18)
      Fable.Browser.Blob (>= 1.4) - restriction: >= netstandard2.0
      Fable.Browser.Event (>= 1.7) - restriction: >= netstandard2.0
      Fable.Browser.WebStorage (>= 1.3) - restriction: >= netstandard2.0
      Fable.Core (>= 3.2.8) - restriction: >= netstandard2.0
      FSharp.Core (>= 4.7.2) - restriction: >= netstandard2.0
    Fable.Browser.Event (1.7) - restriction: >= netstandard2.0
      Fable.Browser.Gamepad (>= 1.3) - restriction: >= netstandard2.0
      Fable.Core (>= 3.2.8) - restriction: >= netstandard2.0
      FSharp.Core (>= 4.7.2) - restriction: >= netstandard2.0
    Fable.Browser.Gamepad (1.3) - restriction: >= netstandard2.0
      Fable.Core (>= 3.2.8) - restriction: >= netstandard2.0
      FSharp.Core (>= 4.7.2) - restriction: >= netstandard2.0
    Fable.Browser.WebStorage (1.3) - restriction: >= netstandard2.0
      Fable.Browser.Event (>= 1.6) - restriction: >= netstandard2.0
      Fable.Core (>= 3.2.8) - restriction: >= netstandard2.0
      FSharp.Core (>= 4.7.2) - restriction: >= netstandard2.0
    Fable.Core (4.3)
    FSharp.Core (9.0.101)
    Oxpecker.Solid (0.4.2)
      Fable.Browser.Dom (>= 2.18) - restriction: >= net8.0
      Fable.Core (>= 4.3) - restriction: >= net8.0
      FSharp.Core (>= 9.0.100) - restriction: >= net8.0
      Oxpecker.Solid.FablePlugin (>= 0.4.2) - restriction: >= net8.0
    Oxpecker.Solid.FablePlugin (0.4.2) - restriction: >= net8.0
      Fable.AST (>= 4.5) - restriction: >= net6.0
      FSharp.Core (>= 9.0.100) - restriction: >= net6.0
